GIT
  remote: git://github.com/manybots/manybots-gardener.git
  revision: b8802522ed86760ca1367e3d89caf28da77610ef
  specs:
    manybots-gardener (0.0.1)
      httparty
      rails (~> 3.2.2)

GIT
  remote: git://github.com/manybots/manybots-github.git
  revision: 36764adca59abc05fd678fdb5660401aabbc8ae5
  specs:
    manybots-github (0.0.1)
      oauth2
      octokit (~> 1.0.1)
      rails (~> 3.2.1)

GIT
  remote: git://github.com/manybots/manybots-gmail.git
  revision: 30aba4cc628e5ab5845fae0b5e69802cb4c2ed66
  specs:
    manybots-gmail (0.0.2)
      gmail
      jquery-rails
      oauth
      rails (~> 3.2.1)

GIT
  remote: git://github.com/manybots/manybots-googlecalendar.git
  revision: d3be5f671e1750cd954aa1db86e548e7e4ea4df2
  specs:
    manybots-googlecalendar (0.0.1)
      google-api-client (~> 0.4.2)
      oauth2
      rails (~> 3.2.1)

GIT
  remote: git://github.com/manybots/manybots-weather.git
  revision: b379cf3f54829714326b87f023ec3839bec2d0fd
  specs:
    manybots-weather (0.0.1)
      jquery-rails
      rails (~> 3.2.2)

GIT
  remote: git://github.com/webcracy/gmail.git
  revision: 7e2eea41058a5323f36d29368f6678b6ce315f34
  specs:
    gmail (0.4.0)
      gmail_xoauth (>= 0.3.0)
      mail (>= 2.2.1)
      mime (>= 0.1)

GIT
  remote: git://github.com/webcracy/instagram-ruby-gem.git
  revision: d26aab789f483df37a10ccd9f028f28e706eae89
  specs:
    instagram (0.8.3)
      faraday (~> 0.7)
      faraday_middleware (~> 0.8)
      hashie (>= 0.4.0)
      multi_json (>= 1.0.3)

GIT
  remote: http://github.com/webcracy/oauth-plugin.git
  revision: fc197d77405e47f9f5d2d7d795a195d4a5f1aa0b
  specs:
    oauth-plugin (0.4.0.rc2)
      multi_json
      oauth (~> 0.4.4)
      oauth2
      rack

GIT
  remote: http://github.com/webcracy/resque.git
  revision: d4ec9f0907c660e30ada764fd3cfac19e2c241b8
  specs:
    resque (1.20.0)
      multi_json (~> 1.0)
      redis-namespace (~> 1.0.2)
      sinatra (>= 0.9.2)
      vegas (~> 0.1.2)

GIT
  remote: https://github.com/rails/dynamic_form.git
  revision: ebb03213ef8268e24c60e5e162b811d199777227
  specs:
    dynamic_form (1.0.0)
      rails (>= 3.0.0)

PATH
  remote: /Users/alex/code/manybots/dev/manybots-foursquare
  specs:
    manybots-foursquare (0.0.1)
      foursquare2
      oauth2
      rails (~> 3.2.3)

PATH
  remote: /Users/alex/code/manybots/dev/manybots-gmail-pizzahut
  specs:
    manybots-gmail-pizzahut (0.0.1)
      httparty
      rails (~> 3.2.2)

PATH
  remote: /Users/alex/code/manybots/dev/manybots-instagram
  specs:
    manybots-instagram (0.0.1)
      instagram
      rails (~> 3.2.3)

GEM
  remote: http://rubygems.org/
  specs:
    actionmailer (3.2.3)
      actionpack (= 3.2.3)
      mail (~> 2.4.4)
    actionpack (3.2.3)
      activemodel (= 3.2.3)
      activesupport (= 3.2.3)
      builder (~> 3.0.0)
      erubis (~> 2.7.0)
      journey (~> 1.0.1)
      rack (~> 1.4.0)
      rack-cache (~> 1.2)
      rack-test (~> 0.6.1)
      sprockets (~> 2.1.2)
    activemodel (3.2.3)
      activesupport (= 3.2.3)
      builder (~> 3.0.0)
    activerecord (3.2.3)
      activemodel (= 3.2.3)
      activesupport (= 3.2.3)
      arel (~> 3.0.2)
      tzinfo (~> 0.3.29)
    activeresource (3.2.3)
      activemodel (= 3.2.3)
      activesupport (= 3.2.3)
    activesupport (3.2.3)
      i18n (~> 0.6)
      multi_json (~> 1.0)
    acts-as-taggable-on (2.2.2)
      rails (~> 3.0)
    addressable (2.2.7)
    arel (3.0.2)
    autoparse (0.3.1)
      addressable (~> 2.2.3)
      extlib (>= 0.9.15)
      multi_json (>= 1.0.0)
    bcrypt-ruby (3.0.1)
    bson (1.5.2)
    bson_ext (1.5.2)
      bson (= 1.5.2)
    builder (3.0.0)
    chronic (0.6.7)
    coffee-rails (3.2.2)
      coffee-script (>= 2.2.0)
      railties (~> 3.2.0)
    coffee-script (2.2.0)
      coffee-script-source
      execjs
    coffee-script-source (1.3.1)
    daemons (1.1.8)
    devise (1.5.3)
      bcrypt-ruby (~> 3.0)
      orm_adapter (~> 0.0.3)
      warden (~> 1.1)
    erubis (2.7.0)
    eventmachine (0.12.10)
    execjs (1.3.0)
      multi_json (~> 1.0)
    extlib (0.9.15)
    faraday (0.7.6)
      addressable (~> 2.2)
      multipart-post (~> 1.1)
      rack (~> 1.1)
    faraday_middleware (0.8.7)
      faraday (< 0.9, >= 0.7.4)
    foursquare2 (1.3.6)
      faraday (< 0.8, >= 0.6)
      faraday_middleware (>= 0.8)
      hashie (~> 1.0)
    gmail_xoauth (0.3.2)
      oauth (>= 0.3.6)
    google-api-client (0.4.3)
      addressable (>= 2.2.3)
      autoparse (>= 0.3.1)
      extlib (>= 0.9.15)
      faraday (~> 0.7.0)
      launchy (>= 2.0.0)
      multi_json (>= 1.0.0)
      signet (>= 0.3.1)
    haml (3.1.4)
    hashie (1.2.0)
    hike (1.2.1)
    httparty (0.8.2)
      multi_json
      multi_xml
    httpauth (0.1)
    i18n (0.6.0)
    journey (1.0.3)
    jquery-rails (2.0.2)
      railties (< 5.0, >= 3.2.0)
      thor (~> 0.14)
    json (1.6.6)
    jwt (0.1.4)
      json (>= 1.2.4)
    launchy (2.1.0)
      addressable (~> 2.2.6)
    libv8 (3.3.10.4)
    mail (2.4.4)
      i18n (>= 0.4.0)
      mime-types (~> 1.16)
      treetop (~> 1.4.8)
    mime (0.1)
    mime-types (1.18)
    mongo (1.5.2)
      bson (= 1.5.2)
    mongo_mapper (0.11.0)
      activemodel (~> 3.0)
      activesupport (~> 3.0)
      plucky (~> 0.4.0)
    multi_json (1.3.2)
    multi_xml (0.4.4)
    multipart-post (1.1.5)
    nest (1.1.1)
      redis
    nokogiri (1.5.2)
    oauth (0.4.5)
    oauth2 (0.6.1)
      faraday (~> 0.7)
      httpauth (~> 0.1)
      multi_json (~> 1.3)
    octokit (1.0.3)
      addressable (~> 2.2)
      faraday (~> 0.7)
      faraday_middleware (~> 0.8)
      hashie (~> 1.2)
      multi_json (~> 1.3)
    ohm (1.0.1)
      nest (~> 1.0)
      redis (~> 2.2)
      scrivener (~> 0.0.3)
    oj (1.2.8)
    orm_adapter (0.0.7)
    plucky (0.4.4)
      mongo (~> 1.5)
    polyglot (0.3.3)
    rack (1.4.1)
    rack-cache (1.2)
      rack (>= 0.4)
    rack-protection (1.2.0)
      rack
    rack-ssl (1.3.2)
      rack
    rack-test (0.6.1)
      rack (>= 1.0)
    rails (3.2.3)
      actionmailer (= 3.2.3)
      actionpack (= 3.2.3)
      activerecord (= 3.2.3)
      activeresource (= 3.2.3)
      activesupport (= 3.2.3)
      bundler (~> 1.0)
      railties (= 3.2.3)
    rails_autolink (1.0.6)
      rails (~> 3.1)
    railties (3.2.3)
      actionpack (= 3.2.3)
      activesupport (= 3.2.3)
      rack-ssl (~> 1.3.2)
      rake (>= 0.8.7)
      rdoc (~> 3.4)
      thor (~> 0.14.6)
    rake (0.9.2.2)
    rdoc (3.12)
      json (~> 1.4)
    redis (2.2.2)
    redis-namespace (1.0.3)
      redis (< 3.0.0)
    resque-scheduler (2.0.0.h)
      redis (>= 2.0.1)
      resque (>= 1.19.0)
      rufus-scheduler
    rest-client (1.6.7)
      mime-types (>= 1.16)
    rufus-scheduler (2.0.16)
      tzinfo (>= 0.3.23)
    sanitize (2.0.3)
      nokogiri (< 1.6, >= 1.4.4)
    sass (3.1.15)
    sass-rails (3.2.5)
      railties (~> 3.2.0)
      sass (>= 3.1.10)
      tilt (~> 1.3)
    scrivener (0.0.3)
    signet (0.3.2)
      addressable (~> 2.2.3)
      faraday (~> 0.7.0)
      jwt (>= 0.1.4)
      multi_json (>= 1.0.0)
    sinatra (1.3.2)
      rack (>= 1.3.6, ~> 1.3)
      rack-protection (~> 1.2)
      tilt (>= 1.3.3, ~> 1.3)
    sprockets (2.1.2)
      hike (~> 1.2)
      rack (~> 1.0)
      tilt (!= 1.3.0, ~> 1.1)
    sqlite3 (1.3.6)
    therubyracer (0.10.0)
      libv8 (~> 3.3.10)
    thin (1.3.1)
      daemons (>= 1.0.9)
      eventmachine (>= 0.12.6)
      rack (>= 1.0.0)
    thor (0.14.6)
    tilt (1.3.3)
    treetop (1.4.10)
      polyglot
      polyglot (>= 0.3.1)
    tzinfo (0.3.33)
    uglifier (1.2.4)
      execjs (>= 0.3.0)
      multi_json (>= 1.0.2)
    vegas (0.1.11)
      rack (>= 1.0.0)
    warden (1.1.1)
      rack (>= 1.0)
    will_paginate (3.0.3)

PLATFORMS
  ruby

DEPENDENCIES
  acts-as-taggable-on (~> 2.2.2)
  bson_ext
  builder
  chronic
  coffee-rails (~> 3.2.1)
  devise (= 1.5.3)
  dynamic_form!
  gmail!
  google-api-client
  haml
  httparty
  instagram!
  jquery-rails
  manybots-foursquare!
  manybots-gardener!
  manybots-github!
  manybots-gmail (= 0.0.2)!
  manybots-gmail-pizzahut!
  manybots-googlecalendar!
  manybots-instagram!
  manybots-weather!
  mongo_mapper
  oauth
  oauth-plugin!
  ohm
  oj
  rails (= 3.2.3)
  rails_autolink
  resque!
  resque-scheduler (>= 2.0.0.e)
  rest-client
  sanitize
  sass-rails (~> 3.2.3)
  sqlite3
  therubyracer
  thin
  uglifier (>= 1.0.3)
  will_paginate (= 3.0.3)
