GIT
  remote: git://github.com/manybots/manybots-gmail.git
  revision: 67f88675ae2dad916e2e0cd0de1d9c0fe477e398
  specs:
    manybots_gmail (0.1.0)
      gmail
      jquery-rails
      oauth
      rails (~> 3.2.1)

GIT
  remote: git://github.com/webcracy/gmail.git
  revision: 7e2eea41058a5323f36d29368f6678b6ce315f34
  specs:
    gmail (0.4.0)
      gmail_xoauth (>= 0.3.0)
      mail (>= 2.2.1)
      mime (>= 0.1)

GIT
  remote: http://github.com/webcracy/oauth-plugin.git
  revision: fc197d77405e47f9f5d2d7d795a195d4a5f1aa0b
  specs:
    oauth-plugin (0.4.0.rc2)
      multi_json
      oauth (~> 0.4.4)
      oauth2
      rack

GIT
  remote: https://github.com/NikoRoberts/resque-sliders.git
  revision: 1e289b246641fa2319315fb3c644845dadfc9427
  specs:
    resque-sliders (0.2.0)
      resque

GIT
  remote: https://github.com/rails/dynamic_form.git
  revision: ebb03213ef8268e24c60e5e162b811d199777227
  specs:
    dynamic_form (1.0.0)
      rails (>= 3.0.0)

GIT
  remote: https://github.com/webcracy/resque.git
  revision: d4ec9f0907c660e30ada764fd3cfac19e2c241b8
  specs:
    resque (1.20.0)
      multi_json (~> 1.0)
      redis-namespace (~> 1.0.2)
      sinatra (>= 0.9.2)
      vegas (~> 0.1.2)

GEM
  remote: http://rubygems.org/
  specs:
    actionmailer (3.2.3)
      actionpack (= 3.2.3)
      mail (~> 2.4.4)
    actionpack (3.2.3)
      activemodel (= 3.2.3)
      activesupport (= 3.2.3)
      builder (~> 3.0.0)
      erubis (~> 2.7.0)
      journey (~> 1.0.1)
      rack (~> 1.4.0)
      rack-cache (~> 1.2)
      rack-test (~> 0.6.1)
      sprockets (~> 2.1.2)
    activemodel (3.2.3)
      activesupport (= 3.2.3)
      builder (~> 3.0.0)
    activerecord (3.2.3)
      activemodel (= 3.2.3)
      activesupport (= 3.2.3)
      arel (~> 3.0.2)
      tzinfo (~> 0.3.29)
    activeresource (3.2.3)
      activemodel (= 3.2.3)
      activesupport (= 3.2.3)
    activesupport (3.2.3)
      i18n (~> 0.6)
      multi_json (~> 1.0)
    acts-as-taggable-on (2.2.2)
      rails (~> 3.0)
    arel (3.0.2)
    bcrypt-ruby (3.0.1)
    bootstrap-datepicker-rails (0.6.24)
      railties (>= 3.0)
    bson (1.7.0)
    bson_ext (1.7.0)
      bson (~> 1.7.0)
    builder (3.0.4)
    chronic (0.8.0)
    coffee-rails (3.2.2)
      coffee-script (>= 2.2.0)
      railties (~> 3.2.0)
    coffee-script (2.2.0)
      coffee-script-source
      execjs
    coffee-script-source (1.4.0)
    commonjs (0.2.6)
    country_select (1.0.1)
    daemons (1.1.9)
    devise (1.5.3)
      bcrypt-ruby (~> 3.0)
      orm_adapter (~> 0.0.3)
      warden (~> 1.1)
    erubis (2.7.0)
    eventmachine (1.0.0)
    execjs (1.4.0)
      multi_json (~> 1.0)
    faraday (0.8.4)
      multipart-post (~> 1.1)
    gmail_xoauth (0.4.1)
      oauth (>= 0.3.6)
    haml (3.1.7)
    hike (1.2.1)
    httparty (0.9.0)
      multi_json (~> 1.0)
      multi_xml
    httpauth (0.2.0)
    i18n (0.6.1)
    journey (1.0.4)
    jquery-rails (2.1.3)
      railties (>= 3.1.0, < 5.0)
      thor (~> 0.14)
    json (1.7.5)
    jwt (0.1.5)
      multi_json (>= 1.0)
    less (2.2.2)
      commonjs (~> 0.2.6)
    less-rails (2.2.5)
      actionpack (>= 3.1)
      less (~> 2.2.0)
    libv8 (3.3.10.4)
    mail (2.4.4)
      i18n (>= 0.4.0)
      mime-types (~> 1.16)
      treetop (~> 1.4.8)
    mime (0.1)
    mime-types (1.19)
    mongo (1.7.0)
      bson (~> 1.7.0)
    mongo_mapper (0.12.0)
      activemodel (~> 3.0)
      activesupport (~> 3.0)
      plucky (~> 0.5.2)
    multi_json (1.3.6)
    multi_xml (0.5.1)
    multipart-post (1.1.5)
    nest (1.1.2)
      redis
    nokogiri (1.5.5)
    oauth (0.4.7)
    oauth2 (0.8.0)
      faraday (~> 0.8)
      httpauth (~> 0.1)
      jwt (~> 0.1.4)
      multi_json (~> 1.0)
      rack (~> 1.2)
    ohm (1.2.0)
      nest (~> 1.0)
      redis
      scrivener (~> 0.0.3)
    oj (1.4.3)
    orm_adapter (0.0.7)
    plucky (0.5.2)
      mongo (~> 1.5)
    polyglot (0.3.3)
    rack (1.4.1)
    rack-cache (1.2)
      rack (>= 0.4)
    rack-protection (1.2.0)
      rack
    rack-ssl (1.3.2)
      rack
    rack-test (0.6.2)
      rack (>= 1.0)
    rails (3.2.3)
      actionmailer (= 3.2.3)
      actionpack (= 3.2.3)
      activerecord (= 3.2.3)
      activeresource (= 3.2.3)
      activesupport (= 3.2.3)
      bundler (~> 1.0)
      railties (= 3.2.3)
    rails_autolink (1.0.9)
      rails (~> 3.1)
    railties (3.2.3)
      actionpack (= 3.2.3)
      activesupport (= 3.2.3)
      rack-ssl (~> 1.3.2)
      rake (>= 0.8.7)
      rdoc (~> 3.4)
      thor (~> 0.14.6)
    rake (0.9.2.2)
    rdoc (3.12)
      json (~> 1.4)
    redis (2.2.2)
    redis-namespace (1.0.2)
      redis (< 3.0.0)
    resque-scheduler (2.0.0)
      redis (>= 2.0.1)
      resque (>= 1.20.0)
      rufus-scheduler
    rest-client (1.6.7)
      mime-types (>= 1.16)
    rufus-scheduler (2.0.17)
      tzinfo (>= 0.3.23)
    sanitize (2.0.3)
      nokogiri (>= 1.4.4, < 1.6)
    sass (3.2.1)
    sass-rails (3.2.5)
      railties (~> 3.2.0)
      sass (>= 3.1.10)
      tilt (~> 1.3)
    scrivener (0.0.3)
    simple_form (2.0.4)
      actionpack (~> 3.0)
      activemodel (~> 3.0)
    sinatra (1.3.3)
      rack (~> 1.3, >= 1.3.6)
      rack-protection (~> 1.2)
      tilt (~> 1.3, >= 1.3.3)
    soulmate (0.1.3)
      multi_json (>= 1.0)
      redis (>= 2.0)
      sinatra (>= 1.0)
      vegas (>= 0.1.0)
    sprockets (2.1.3)
      hike (~> 1.2)
      rack (~> 1.0)
      tilt (~> 1.1, != 1.3.0)
    sqlite3 (1.3.6)
    therubyracer (0.10.2)
      libv8 (~> 3.3.10)
    thin (1.5.0)
      daemons (>= 1.0.9)
      eventmachine (>= 0.12.6)
      rack (>= 1.0.0)
    thor (0.14.6)
    tilt (1.3.3)
    treetop (1.4.11)
      polyglot
      polyglot (>= 0.3.1)
    twitter-bootstrap-rails (2.1.4)
      actionpack (>= 3.1)
      less-rails (~> 2.2.3)
      railties (>= 3.1)
      therubyracer (>= 0.10.2)
    tzinfo (0.3.34)
    uglifier (1.3.0)
      execjs (>= 0.3.0)
      multi_json (~> 1.0, >= 1.0.2)
    vegas (0.1.11)
      rack (>= 1.0.0)
    warden (1.2.1)
      rack (>= 1.0)
    will_paginate (3.0.3)

PLATFORMS
  ruby

DEPENDENCIES
  acts-as-taggable-on (~> 2.2.2)
  bootstrap-datepicker-rails
  bson_ext
  builder
  chronic
  coffee-rails (~> 3.2.1)
  country_select
  devise (= 1.5.3)
  dynamic_form!
  gmail!
  haml
  httparty
  jquery-rails
  manybots_gmail!
  mongo_mapper
  oauth
  oauth-plugin!
  ohm
  oj
  rails (= 3.2.3)
  rails_autolink
  resque!
  resque-scheduler
  resque-sliders!
  rest-client
  sanitize
  sass-rails (~> 3.2.3)
  simple_form
  soulmate
  sqlite3
  therubyracer
  thin
  twitter-bootstrap-rails
  uglifier (>= 1.0.3)
  will_paginate (= 3.0.3)
